GEM
  remote: https://rubygems.org/
  specs:
    addressable (2.8.0)
      public_suffix (>= 2.0.2, < 5.0)
    ast (2.4.2)
    coderay (1.1.3)
    colorize (0.8.1)
    csv (3.2.0)
    date (3.2.0)
    launchy (2.5.0)
      addressable (~> 2.7)
    method_source (1.0.0)
    nokogiri (1.12.5-x86_64-linux)
      racc (~> 1.4)
    open-uri (0.2.0)
      stringio
      time
      uri
    parallel (1.21.0)
    parser (3.0.2.0)
      ast (~> 2.4.1)
    pry (0.14.1)
      coderay (~> 1.1)
      method_source (~> 1.0)
    public_suffix (4.0.6)
    racc (1.6.0)
    rainbow (3.0.0)
    regexp_parser (2.1.1)
    rexml (3.2.5)
    rubocop (1.22.2)
      parallel (~> 1.10)
      parser (>= 3.0.0.0)
      rainbow (>= 2.2.2, < 4.0)
      regexp_parser (>= 1.8, < 3.0)
      rexml
      rubocop-ast (>= 1.12.0, < 2.0)
      ruby-progressbar (~> 1.7)
      unicode-display_width (>= 1.4.0, < 3.0)
    rubocop-ast (1.12.0)
      parser (>= 3.0.1.1)
    ruby-progressbar (1.11.0)
    stringio (3.0.1)
    time (0.2.0)
      date
    unicode-display_width (2.1.0)
    uri (0.11.0)

PLATFORMS
  x86_64-linux

DEPENDENCIES
  colorize
  csv
  launchy
  nokogiri
  open-uri
  pry
  rubocop

RUBY VERSION
   ruby 2.7.4p191

BUNDLED WITH
   2.2.29
